GEM
  specs:
    coderay (0.9.8)

PLATFORMS
  ruby

DEPENDENCIES
  coderay
